GEM
  remote: https://rubygems.org/
  specs:
    adsf (1.1.1)
      rack (>= 1.0.0)
    bourbon (2.1.2)
      sass (>= 3.2)
      thor
    colored (1.2)
    cri (2.3.0)
      colored (>= 1.2)
    fssm (0.2.9)
    haml (3.1.7)
    mime-types (1.19)
    nanoc (3.4.2)
      cri (~> 2.2)
    neat (1.0.1)
      bourbon (>= 2.1)
      sass (>= 3.2)
    rack (1.4.1)
    rack-rewrite (1.3.1)
    rdiscount (1.6.8)
    sass (3.2.1)
    thor (0.16.0)

PLATFORMS
  ruby

DEPENDENCIES
  adsf
  bourbon
  fssm
  haml
  mime-types
  nanoc
  neat
  rack
  rack-rewrite
  rdiscount
  sass (= 3.2.1)
